PATH
  remote: .
  specs:
    upton (0.1.1)
      nokogiri
      rest-client (~> 1.6.7)

GEM
  remote: https://rubygems.org/
  specs:
    daemons (1.1.9)
    eventmachine (1.0.3)
    mime-types (1.23)
    nokogiri (1.5.9)
    rack (1.5.2)
    rest-client (1.6.7)
      mime-types (>= 1.16)
    thin (1.5.1)
      daemons (>= 1.0.9)
      eventmachine (>= 0.12.6)
      rack (>= 1.0.0)
    yard (0.8.6.1)

PLATFORMS
  ruby

DEPENDENCIES
  nokogiri
  rack
  rest-client
  thin
  upton!
  yard
